{
	"CapManufacturer": "BioSemi",
	"ECGChannelCount": 0,
	"EEGChannelCount": 64,
	"EEGPlacementScheme": "10-10",
	"EEGReference": "average",
	"EMGChannelCount": 0,
	"EOGChannelCount": 0,
	"InstitutionName": "University of Oslo, Dept. of Psychology",
	"Manufacturer": "BioSemi",
	"MiscChannelCount": 0,
	"PowerLineFrequency": 50,
	"RecordingDuration": 240,
	"RecordingType": "continuous",
	"SamplingFrequency": 1024,
	"SoftwareFilters": "n/a",
	"TaskDescription": "Resting-state data extracted from an experimental evoked potential paradigm.",
	"TaskName": "resteyesc",
	"TriggerChannelCount": 0
}
